GEM
  remote: https://rubygems.org/
  specs:
    rack (1.6.4)
    roda (2.16.0)
      rack
    searchbing (0.2.6)

PLATFORMS
  ruby

DEPENDENCIES
  roda
  searchbing

BUNDLED WITH
   1.12.5
