GEM
  remote: https://rubygems.org/
  specs:
    httparty (0.14.0)
      multi_xml (>= 0.5.2)
    multi_xml (0.5.5)
    rack (1.6.4)
    roda (2.16.0)
      rack
    searchbing (0.2.6)
    voice_recognition_bing (0.1.0)
      httparty (~> 0.14)

PLATFORMS
  ruby

DEPENDENCIES
  roda
  searchbing
  voice_recognition_bing

RUBY VERSION
   ruby 2.2.3p173

BUNDLED WITH
   1.13.1
